GEM
  remote: https://rubygems.org/
  specs:
    coderay (1.1.3)
    ethon (0.15.0)
      ffi (>= 1.15.0)
    ffi (1.15.5)
    method_source (1.0.0)
    pry (0.14.1)
      coderay (~> 1.1)
      method_source (~> 1.0)
    typhoeus (1.4.0)
      ethon (>= 0.9.0)

PLATFORMS
  x86_64-linux

DEPENDENCIES
  pry
  typhoeus

BUNDLED WITH
   2.3.18
